GEM
  remote: http://rubygems.org/
  specs:
    blankslate (3.1.3)
    cantor (1.2.1)
    diff-lcs (1.2.5)
    docile (1.1.5)
    faraday (0.9.2)
      multipart-post (>= 1.2, < 3)
    gemfury (0.6.0)
      faraday (>= 0.9.0, < 0.10.0.pre)
      highline (~> 1.6.0)
      multi_json (~> 1.10)
      netrc (~> 0.10.0)
      thor (>= 0.14.0, < 1.0.0.pre)
    highline (1.6.21)
    json (2.0.2)
    multi_json (1.12.1)
    multipart-post (2.0.0)
    netrc (0.10.3)
    rake (11.3.0)
    rcov (0.9.11)
    redcarpet (3.3.4)
    rspec (3.4.0)
      rspec-core (~> 3.4.0)
      rspec-expectations (~> 3.4.0)
      rspec-mocks (~> 3.4.0)
    rspec-collection_matchers (1.1.2)
      rspec-expectations (>= 2.99.0.beta1)
    rspec-core (3.4.4)
      rspec-support (~> 3.4.0)
    rspec-expectations (3.4.0)
      diff-lcs (>= 1.2.0, < 2.0)
      rspec-support (~> 3.4.0)
    rspec-mocks (3.4.1)
      diff-lcs (>= 1.2.0, < 2.0)
      rspec-support (~> 3.4.0)
    rspec-support (3.4.1)
    simplecov (0.12.0)
      docile (~> 1.1.0)
      json (>= 1.8, < 3)
      simplecov-html (~> 0.10.0)
    simplecov-html (0.10.0)
    term-ansicolor (1.4.0)
      tins (~> 1.0)
    thor (0.19.4)
    tins (1.13.0)
    yard (0.8.7.6)

PLATFORMS
  ruby

DEPENDENCIES
  blankslate
  cantor (~> 1.2.1)
  gemfury
  rake
  rcov (~> 0.9.9)
  redcarpet (~> 3.3.4)
  rspec (= 3.4.0)
  rspec-collection_matchers
  simplecov
  term-ansicolor
  yard (~> 0.8.7)

BUNDLED WITH
   1.14.6
